PATH
  remote: .
  specs:
    fluent-plugin-ftp (0.3.4)
      aws-sdk (~> 1.8.2)
      fluent-mixin-config-placeholders (~> 0.2.0)
      fluentd (~> 0.10.0)
      yajl-ruby (~> 1.0)

GEM
  remote: http://rubygems.org/
  specs:
    aws-sdk (1.8.5)
      json (~> 1.4)
      nokogiri (>= 1.4.4)
      uuidtools (~> 2.1)
    cool.io (1.2.1)
    flexmock (1.3.3)
    fluent-mixin-config-placeholders (0.2.4)
      fluentd
      uuidtools
    fluentd (0.10.44)
      cool.io (>= 1.1.1, < 2.0.0, != 1.2.0)
      http_parser.rb (~> 0.5.1)
      json (>= 1.4.3)
      msgpack (>= 0.4.4, < 0.6.0, != 0.5.3, != 0.5.2, != 0.5.1, != 0.5.0)
      sigdump (~> 0.2.2)
      yajl-ruby (~> 1.0)
    http_parser.rb (0.5.3)
    json (1.8.1)
    mini_portile (0.5.2)
    msgpack (0.5.8)
    nokogiri (1.6.1)
      mini_portile (~> 0.5.0)
    rake (10.1.1)
    sigdump (0.2.2)
    uuidtools (2.1.4)
    yajl-ruby (1.2.0)

PLATFORMS
  ruby

DEPENDENCIES
  flexmock (>= 1.2.0)
  fluent-plugin-ftp!
  rake (>= 0.9.2)
